PATH
  remote: .
  specs:
    moodle_oo (0.1.1)

GEM
  remote: https://rubygems.org/
  specs:

PLATFORMS
  ruby

DEPENDENCIES
  moodle_oo!

BUNDLED WITH
   2.2.26
